PATH
  remote: .
  specs:
    lumberyak (0.1.5)
      actionpack (>= 4, < 5.1)
      actionview (>= 4.2.11.1, < 5.1)
      activesupport (>= 4, < 5.1)
      lograge
      loofah (>= 2.2.3)
      nokogiri (>= 1.8.5)
      rack (>= 1.6.11)
      railties (>= 4, < 5.1)

GEM
  remote: https://rubygems.org/
  specs:
    actionpack (5.0.7.2)
      actionview (= 5.0.7.2)
      activesupport (= 5.0.7.2)
      rack (~> 2.0)
      rack-test (~> 0.6.3)
      rails-dom-testing (~> 2.0)
      rails-html-sanitizer (~> 1.0, >= 1.0.2)
    actionview (5.0.7.2)
      activesupport (= 5.0.7.2)
      builder (~> 3.1)
      erubis (~> 2.7.0)
      rails-dom-testing (~> 2.0)
      rails-html-sanitizer (~> 1.0, >= 1.0.3)
    activesupport (5.0.7.2)
      concurrent-ruby (~> 1.0, >= 1.0.2)
      i18n (>= 0.7, < 2)
      minitest (~> 5.1)
      tzinfo (~> 1.1)
    ast (2.4.0)
    builder (3.2.3)
    concurrent-ruby (1.1.5)
    crass (1.0.4)
    diff-lcs (1.3)
    erubis (2.7.0)
    i18n (1.5.1)
      concurrent-ruby (~> 1.0)
    lograge (0.10.0)
      actionpack (>= 4)
      activesupport (>= 4)
      railties (>= 4)
      request_store (~> 1.0)
    loofah (2.2.3)
      crass (~> 1.0.2)
      nokogiri (>= 1.5.9)
    method_source (0.9.2)
    mini_portile2 (2.4.0)
    minitest (5.11.3)
    nokogiri (1.9.1)
      mini_portile2 (~> 2.4.0)
    parallel (1.14.0)
    parser (2.6.0.0)
      ast (~> 2.4.0)
    powerpack (0.1.2)
    rack (2.0.6)
    rack-test (0.6.3)
      rack (>= 1.0)
    rails-dom-testing (2.0.3)
      activesupport (>= 4.2.0)
      nokogiri (>= 1.6)
    rails-html-sanitizer (1.0.4)
      loofah (~> 2.2, >= 2.2.2)
    railties (5.0.7.2)
      actionpack (= 5.0.7.2)
      activesupport (= 5.0.7.2)
      method_source
      rake (>= 0.8.7)
      thor (>= 0.18.1, < 2.0)
    rainbow (2.2.2)
      rake
    rake (12.3.2)
    request_store (1.4.1)
      rack (>= 1.4)
    rspec (3.8.0)
      rspec-core (~> 3.8.0)
      rspec-expectations (~> 3.8.0)
      rspec-mocks (~> 3.8.0)
    rspec-core (3.8.0)
      rspec-support (~> 3.8.0)
    rspec-expectations (3.8.2)
      diff-lcs (>= 1.2.0, < 2.0)
      rspec-support (~> 3.8.0)
    rspec-mocks (3.8.0)
      diff-lcs (>= 1.2.0, < 2.0)
      rspec-support (~> 3.8.0)
    rspec-support (3.8.0)
    rubocop (0.49.0)
      parallel (~> 1.10)
      parser (>= 2.3.3.1, < 3.0)
      powerpack (~> 0.1)
      rainbow (>= 1.99.1, < 3.0)
      ruby-progressbar (~> 1.7)
      unicode-display_width (~> 1.0, >= 1.0.1)
    ruby-progressbar (1.10.0)
    thor (0.20.3)
    thread_safe (0.3.6)
    tzinfo (1.2.5)
      thread_safe (~> 0.1)
    unicode-display_width (1.5.0)

PLATFORMS
  ruby

DEPENDENCIES
  lumberyak!
  rspec
  rubocop (= 0.49.0)

BUNDLED WITH
   1.16.2
